GEM
  remote: https://rubygems.org/
  specs:
    chronic (0.10.2)
    httparty (0.17.3)
      mime-types (~> 3.0)
      multi_xml (>= 0.5.2)
    json (2.3.0)
    mime-types (3.3.1)
      mime-types-data (~> 3.2015)
    mime-types-data (3.2019.1009)
    multi_xml (0.6.0)

PLATFORMS
  ruby

DEPENDENCIES
  bundler
  chronic
  httparty
  json

BUNDLED WITH
   2.1.4
