GEM
  remote: https://rubygems.org/
  specs:
    chronic (0.10.2)
    httparty (0.21.0)
      mini_mime (>= 1.0.0)
      multi_xml (>= 0.5.2)
    mini_mime (1.1.2)
    multi_xml (0.6.0)

PLATFORMS
  ruby

DEPENDENCIES
  bundler
  chronic
  httparty

BUNDLED WITH
   2.1.4
